PATH
  remote: .
  specs:
    rack-josh (1.0.0)

GEM
  remote: https://rubygems.org/
  specs:
    diff-lcs (1.2.5)
    rack (1.5.2)
    rack-test (0.6.2)
      rack (>= 1.0)
    rspec (3.1.0)
      rspec-core (~> 3.1.0)
      rspec-expectations (~> 3.1.0)
      rspec-mocks (~> 3.1.0)
    rspec-core (3.1.7)
      rspec-support (~> 3.1.0)
    rspec-expectations (3.1.2)
      diff-lcs (>= 1.2.0, < 2.0)
      rspec-support (~> 3.1.0)
    rspec-mocks (3.1.3)
      rspec-support (~> 3.1.0)
    rspec-support (3.1.2)

PLATFORMS
  ruby

DEPENDENCIES
  rack-josh!
  rack-test (~> 0.6.0)
  rspec (~> 3.1.0)
